GEM
  remote: https://rubygems.org/
  specs:
    activesupport (6.0.3.1)
      concurrent-ruby (~> 1.0, >= 1.0.2)
      i18n (>= 0.7, < 2)
      minitest (~> 5.1)
      tzinfo (~> 1.1)
      zeitwerk (~> 2.2, >= 2.2.2)
    addressable (2.7.0)
      public_suffix (>= 2.0.2, < 5.0)
    algolia_html_extractor (2.2.1)
      awesome_print (~> 1.6)
      json (~> 2.0)
      nokogiri (~> 1.8)
    algoliasearch (1.19.1)
      httpclient (~> 2.8.3)
      json (>= 1.5.1)
    awesome_print (1.8.0)
    colorator (1.1.0)
    concurrent-ruby (1.1.6)
    ffi (1.12.2)
    filesize (0.1.1)
    forwardable-extended (2.6.0)
    gemoji (3.0.0)
    html-pipeline (2.8.3)
      activesupport (>= 2)
      nokogiri (>= 1.4)
    httpclient (2.8.3)
    i18n (1.8.2)
      concurrent-ruby (~> 1.0)
    jekyll (3.6.3)
      addressable (~> 2.4)
      colorator (~> 1.0)
      jekyll-sass-converter (~> 1.0)
      jekyll-watch (~> 1.1)
      kramdown (~> 1.14)
      liquid (~> 4.0)
      mercenary (~> 0.3.3)
      pathutil (~> 0.9)
      rouge (>= 1.7, < 3)
      safe_yaml (~> 1.0)
    jekyll-algolia (1.0.1)
      algolia_html_extractor (~> 2.2)
      algoliasearch (~> 1.18)
      filesize (~> 0.1)
      jekyll (~> 3.0)
      jekyll-paginate (~> 1.1)
      json (~> 2.0)
      nokogiri (~> 1.6)
      verbal_expressions (~> 0.1.5)
    jekyll-paginate (1.1.0)
    jekyll-sass-converter (1.5.2)
      sass (~> 3.4)
    jekyll-sitemap (1.1.1)
      jekyll (~> 3.3)
    jekyll-toc (0.4.0)
      nokogiri (~> 1.6)
    jekyll-watch (1.5.1)
      listen (~> 3.0)
    jemoji (0.10.0)
      gemoji (~> 3.0)
      html-pipeline (~> 2.2)
      jekyll (~> 3.0)
    json (2.1.0)
    kramdown (1.17.0)
    liquid (4.0.3)
    listen (3.2.1)
      rb-fsevent (~> 0.10, >= 0.10.3)
      rb-inotify (~> 0.9, >= 0.9.10)
    mercenary (0.3.6)
    mini_portile2 (2.3.0)
    minitest (5.14.1)
    nokogiri (1.8.1)
      mini_portile2 (~> 2.3.0)
    pathutil (0.16.2)
      forwardable-extended (~> 2.6)
    public_suffix (4.0.4)
    rb-fsevent (0.10.3)
    rb-inotify (0.10.1)
      ffi (~> 1.0)
    rouge (2.2.1)
    safe_yaml (1.0.5)
    sass (3.7.4)
      sass-listen (~> 4.0.0)
    sass-listen (4.0.0)
      rb-fsevent (~> 0.9, >= 0.9.4)
      rb-inotify (~> 0.9, >= 0.9.7)
    thread_safe (0.3.6)
    tzinfo (1.2.7)
      thread_safe (~> 0.1)
    verbal_expressions (0.1.5)
    zeitwerk (2.3.0)

PLATFORMS
  ruby

DEPENDENCIES
  jekyll (~> 3.6)
  jekyll-algolia (~> 1.0)
  jekyll-paginate
  jekyll-sitemap
  jekyll-toc
  jemoji

BUNDLED WITH
   1.16.1
